GEM
  remote: https://rubygems.org/
  specs:
    dotenv (2.6.0)
    httparty (0.16.4)
      mime-types (~> 3.0)
      multi_xml (>= 0.5.2)
    mime-types (3.2.2)
      mime-types-data (~> 3.2015)
    mime-types-data (3.2018.0812)
    multi_xml (0.6.0)

PLATFORMS
  ruby

DEPENDENCIES
  dotenv
  httparty

RUBY VERSION
   ruby 2.4.5p335

BUNDLED WITH
   1.17.1
